PATH
  remote: .
  specs:
    nature_remo (0.6.0)
      faraday (~> 2.3.0)
      launchy (~> 2.5.0)
      thor (~> 1.2.1)

GEM
  remote: https://rubygems.org/
  specs:
    addressable (2.8.0)
      public_suffix (>= 2.0.2, < 5.0)
    crack (0.4.5)
      rexml
    faraday (2.3.0)
      faraday-net_http (~> 2.0)
      ruby2_keywords (>= 0.0.4)
    faraday-net_http (2.0.3)
    hashdiff (1.0.1)
    launchy (2.5.0)
      addressable (~> 2.7)
    minitest (5.15.0)
    public_suffix (4.0.7)
    rake (13.0.6)
    rexml (3.2.5)
    ruby2_keywords (0.0.5)
    thor (1.2.1)
    webmock (3.14.0)
      addressable (>= 2.8.0)
      crack (>= 0.3.2)
      hashdiff (>= 0.4.0, < 2.0.0)

PLATFORMS
  ruby

DEPENDENCIES
  bundler (~> 2.3.14)
  minitest (~> 5.15.0)
  nature_remo!
  rake (~> 13.0.6)
  webmock (~> 3.14.0)

BUNDLED WITH
   2.3.14
